GEM
  remote: https://rubygems.org/
  specs:
    httparty (0.13.3)
      json (~> 1.8)
      multi_xml (>= 0.5.2)
    json (1.8.1)
    multi_xml (0.5.5)
    recursive-open-struct (0.5.0)

PLATFORMS
  ruby

DEPENDENCIES
  httparty (~> 0.13.1)
  recursive-open-struct (~> 0.5.0)
